GEM
  remote: https://rubygems.org/
  specs:
    net-telnet (0.2.0)

PLATFORMS
  ruby

DEPENDENCIES
  net-telnet (~> 0.2.0)

BUNDLED WITH
   2.1.4
